GEM
  remote: https://rubygems.org/
  specs:
    jekyll-sass-converter (1.2.0)
      sass (~> 3.2)
    sass (3.4.0)

PLATFORMS
  ruby

DEPENDENCIES
  jekyll-sass-converter
